PATH
  remote: .
  specs:
    passman (0.0.1)
      gli (= 2.9.0)
      gpgme (= 2.0.2)
      term-ansicolor (= 1.2.2)
      toml (= 0.1.0)

GEM
  remote: https://rubygems.org/
  specs:
    blankslate (2.1.2.4)
    builder (3.2.2)
    columnize (0.3.6)
    cucumber (1.3.10)
      builder (>= 2.1.2)
      diff-lcs (>= 1.1.3)
      gherkin (~> 2.12)
      multi_json (>= 1.7.5, < 2.0)
      multi_test (>= 0.0.2)
    debugger (1.6.5)
      columnize (>= 0.3.1)
      debugger-linecache (~> 1.2.0)
      debugger-ruby_core_source (~> 1.3.1)
    debugger-linecache (1.2.0)
    debugger-ruby_core_source (1.3.1)
    diff-lcs (1.2.5)
    gherkin (2.12.2)
      multi_json (~> 1.3)
    gli (2.9.0)
    gpgme (2.0.2)
    multi_json (1.8.4)
    multi_test (0.0.3)
    parslet (1.5.0)
      blankslate (~> 2.0)
    rspec-expectations (2.14.4)
      diff-lcs (>= 1.1.3, < 2.0)
    term-ansicolor (1.2.2)
      tins (~> 0.8)
    tins (0.13.1)
    toml (0.1.0)
      parslet (~> 1.5.0)

PLATFORMS
  ruby

DEPENDENCIES
  cucumber
  debugger
  passman!
  rspec-expectations
